GEM
  remote: https://rubygems.org/
  specs:
    algorithms (1.0.0)
    coderay (1.1.3)
    colorize (0.8.1)
    diff-lcs (1.4.4)
    generator (0.0.1)
    lazy_priority_queue (0.1.1)
    method_source (1.0.0)
    pry (0.14.1)
      coderay (~> 1.1)
      method_source (~> 1.0)
    rgl (0.5.7)
      lazy_priority_queue (~> 0.1.0)
      stream (~> 0.5.3)
    rspec (3.10.0)
      rspec-core (~> 3.10.0)
      rspec-expectations (~> 3.10.0)
      rspec-mocks (~> 3.10.0)
    rspec-core (3.10.1)
      rspec-support (~> 3.10.0)
    rspec-expectations (3.10.1)
      diff-lcs (>= 1.2.0, < 2.0)
      rspec-support (~> 3.10.0)
    rspec-mocks (3.10.2)
      diff-lcs (>= 1.2.0, < 2.0)
      rspec-support (~> 3.10.0)
    rspec-support (3.10.3)
    stream (0.5.3)
      generator

PLATFORMS
  x86_64-darwin-20

DEPENDENCIES
  algorithms (~> 1.0)
  colorize (~> 0.8.1)
  pry (~> 0.14.1)
  rgl (~> 0.5.7)
  rspec (~> 3.10)

BUNDLED WITH
   2.2.22
